GEM
  remote: http://rubygems.org/
  specs:
    mini_portile (0.6.2)
    nokogiri (1.6.6.2)
      mini_portile (~> 0.6.0)
    redcarpet (3.3.2)
    reverse_markdown (0.8.2)
      nokogiri

PLATFORMS
  ruby

DEPENDENCIES
  nokogiri
  redcarpet
  reverse_markdown

BUNDLED WITH
   1.10.6
